PATH
  remote: .
  specs:
    badass_cinema (0.0.1)
      chronic (~> 0.9.0)
      colored (~> 1.2)
      rake (~> 10.0.3)
      rspec (~> 2.12.0)

GEM
  remote: http://rubygems.org/
  specs:
    chronic (0.9.0)
    colored (1.2)
    diff-lcs (1.1.3)
    rake (10.0.3)
    rspec (2.12.0)
      rspec-core (~> 2.12.0)
      rspec-expectations (~> 2.12.0)
      rspec-mocks (~> 2.12.0)
    rspec-core (2.12.2)
    rspec-expectations (2.12.1)
      diff-lcs (~> 1.1.3)
    rspec-mocks (2.12.1)

PLATFORMS
  ruby

DEPENDENCIES
  badass_cinema!
